PATH
  remote: .
  specs:
    filesets (0.0.0)

GEM
  remote: http://rubygems.org/
  specs:
    rake (0.9.2.2)

PLATFORMS
  ruby

DEPENDENCIES
  filesets!
  rake
